GEM
  remote: https://rubygems.org/
  specs:
    activemodel (3.2.9)
      activesupport (= 3.2.9)
      builder (~> 3.0.0)
    activesupport (3.2.9)
      i18n (~> 0.6)
      multi_json (~> 1.0)
    addressable (2.2.8)
    builder (3.0.4)
    coderay (1.0.6)
    i18n (0.6.1)
    method_source (0.7.1)
    mime-types (1.19)
    multi_json (1.4.0)
    oauth (0.4.7)
    pry (0.9.9.6)
      coderay (~> 1.0.5)
      method_source (~> 0.7.1)
      slop (>= 2.4.4, < 3)
    rest-client (1.6.7)
      mime-types (>= 1.16)
    ruby-trello (0.4.4)
      activemodel
      addressable (~> 2.2.6)
      oauth (~> 0.4.5)
      rest-client (~> 1.6.7)
    slop (2.4.4)
    trollop (2.0)

PLATFORMS
  ruby

DEPENDENCIES
  pry
  ruby-trello
  trollop
